PATH
  remote: .
  specs:
    solidus_starter_frontend (0.2.0)

GEM
  remote: https://rubygems.org/
  specs:
    rake (13.0.6)

PLATFORMS
  arm64-darwin-21

DEPENDENCIES
  rake (~> 13.0)
  solidus_starter_frontend!

BUNDLED WITH
   2.3.21
